GIT
  remote: https://github.com/12joan/not-analytics-client.git
  revision: 2906a7d9f6fe35b4917f03356f70c2ac82a91eb0
  branch: main
  specs:
    not_analytics_client (0.3.0)
      base64 (~> 0.2)
      json (~> 2.7)
      net-http (~> 0.4)
      openssl (~> 3.2)
      securerandom (~> 0.3)

GEM
  remote: https://rubygems.org/
  specs:
    actionpack (8.0.2)
      actionview (= 8.0.2)
      activesupport (= 8.0.2)
      nokogiri (>= 1.8.5)
      rack (>= 2.2.4)
      rack-session (>= 1.0.1)
      rack-test (>= 0.6.3)
      rails-dom-testing (~> 2.2)
      rails-html-sanitizer (~> 1.6)
      useragent (~> 0.16)
    actionview (8.0.2)
      activesupport (= 8.0.2)
      builder (~> 3.1)
      erubi (~> 1.11)
      rails-dom-testing (~> 2.2)
      rails-html-sanitizer (~> 1.6)
    activemodel (8.0.2)
      activesupport (= 8.0.2)
    activerecord (8.0.2)
      activemodel (= 8.0.2)
      activesupport (= 8.0.2)
      timeout (>= 0.4.0)
    activesupport (8.0.2)
      base64
      benchmark (>= 0.3)
      bigdecimal
      concurrent-ruby (~> 1.0, >= 1.3.1)
      connection_pool (>= 2.2.5)
      drb
      i18n (>= 1.6, < 2)
      logger (>= 1.4.2)
      minitest (>= 5.1)
      securerandom (>= 0.3)
      tzinfo (~> 2.0, >= 2.0.5)
      uri (>= 0.13.1)
    base64 (0.2.0)
    benchmark (0.4.0)
    bigdecimal (3.1.9)
    builder (3.3.0)
    byebug (12.0.0)
    concurrent-ruby (1.3.5)
    connection_pool (2.5.0)
    crass (1.0.6)
    date (3.4.1)
    drb (2.2.1)
    erubi (1.13.1)
    ffi (1.17.1-aarch64-linux-musl)
    ffi (1.17.1-arm64-darwin)
    ffi (1.17.1-x86_64-linux-gnu)
    groupdate (6.5.1)
      activesupport (>= 7)
    i18n (1.14.7)
      concurrent-ruby (~> 1.0)
    io-console (0.8.0)
    irb (1.15.1)
      pp (>= 0.6.0)
      rdoc (>= 4.0.0)
      reline (>= 0.4.2)
    json (2.10.2)
    listen (3.9.0)
      rb-fsevent (~> 0.10, >= 0.10.3)
      rb-inotify (~> 0.9, >= 0.9.10)
    logger (1.7.0)
    loofah (2.24.0)
      crass (~> 1.0.2)
      nokogiri (>= 1.12.0)
    minitest (5.25.5)
    net-http (0.6.0)
      uri
    nio4r (2.7.4)
    nokogiri (1.18.6-aarch64-linux-musl)
      racc (~> 1.4)
    nokogiri (1.18.6-arm64-darwin)
      racc (~> 1.4)
    nokogiri (1.18.6-x86_64-linux-gnu)
      racc (~> 1.4)
    openssl (3.3.0)
    pg (1.5.9)
    pp (0.6.2)
      prettyprint
    prettyprint (0.2.0)
    psych (5.2.3)
      date
      stringio
    puma (6.6.0)
      nio4r (~> 2.0)
    racc (1.8.1)
    rack (3.1.12)
    rack-cors (2.0.2)
      rack (>= 2.0.0)
    rack-session (2.1.0)
      base64 (>= 0.1.0)
      rack (>= 3.0.0)
    rack-test (2.2.0)
      rack (>= 1.3)
    rackup (2.2.1)
      rack (>= 3)
    rails-dom-testing (2.2.0)
      activesupport (>= 5.0.0)
      minitest
      nokogiri (>= 1.6)
    rails-html-sanitizer (1.6.2)
      loofah (~> 2.21)
      nokogiri (>= 1.15.7, != 1.16.7, != 1.16.6, != 1.16.5, != 1.16.4, != 1.16.3, != 1.16.2, != 1.16.1, != 1.16.0.rc1, != 1.16.0)
    railties (8.0.2)
      actionpack (= 8.0.2)
      activesupport (= 8.0.2)
      irb (~> 1.13)
      rackup (>= 1.0.0)
      rake (>= 12.2)
      thor (~> 1.0, >= 1.2.2)
      zeitwerk (~> 2.6)
    rake (13.2.1)
    rb-fsevent (0.11.2)
    rb-inotify (0.11.1)
      ffi (~> 1.0)
    rdoc (6.13.1)
      psych (>= 4.0.0)
    reline (0.6.0)
      io-console (~> 0.5)
    securerandom (0.4.1)
    stringio (3.1.6)
    thor (1.3.2)
    timeout (0.4.3)
    tzinfo (2.0.6)
      concurrent-ruby (~> 1.0)
    uri (1.0.3)
    useragent (0.16.11)
    zeitwerk (2.7.2)

PLATFORMS
  aarch64-linux-musl
  arm64-darwin-22
  x86_64-linux

DEPENDENCIES
  actionpack
  actionview
  activemodel
  activerecord
  activesupport
  byebug
  groupdate (~> 6.5)
  listen (~> 3.3)
  not_analytics_client (~> 0.3.0)!
  pg (~> 1.1)
  puma (~> 6.4)
  rack-cors
  railties
  tzinfo-data

RUBY VERSION
   ruby 3.3.7

BUNDLED WITH
   2.5.15
